GEM
  remote: https://rubygems.org/
  specs:
    addressable (2.3.5)
    blankslate (2.1.2.4)
    css_parser (1.3.4)
      addressable
    gli (1.6.0)
    json (2.3.1)
    mini_portile2 (2.1.0)
    nokogiri (1.6.8.1)
      mini_portile2 (~> 2.1.0)
    parade (0.10.2)
      blankslate (= 2.1.2.4)
      css_parser
      gli (~> 1.6.0)
      json
      nokogiri
      parslet (= 1.4.0)
      redcarpet
      rouge (= 0.2.14)
      sinatra (~> 1.3)
    parslet (1.4.0)
      blankslate (~> 2.0)
    rack (1.6.13)
    rack-protection (1.5.5)
      rack
    redcarpet (3.5.1)
    rouge (0.2.14)
      thor
    sass (3.2.10)
    sinatra (1.4.3)
      rack (~> 1.4)
      rack-protection (~> 1.4)
      tilt (~> 1.3, >= 1.3.4)
    thor (0.18.1)
    tilt (1.4.1)

PLATFORMS
  ruby

DEPENDENCIES
  parade
  sass
